GEM
  remote: http://rubygems.org/
  specs:
    guard (0.8.4)
      thor (~> 0.14.6)
    rack (1.3.5)
    rack-protection (1.1.4)
      rack
    rmagick (2.13.1)
    sass (3.1.8)
    sinatra (1.3.1)
      rack (~> 1.3, >= 1.3.4)
      rack-protection (~> 1.1, >= 1.1.2)
      tilt (~> 1.3, >= 1.3.3)
    sqlite3 (1.3.4)
    thor (0.14.6)
    tilt (1.3.3)

PLATFORMS
  ruby

DEPENDENCIES
  guard
  rmagick
  sass
  sinatra
  sqlite3
